GEM
  remote: https://rubygems.org/
  specs:
    addressable (2.3.2)
    capybara (1.1.2)
      mime-types (>= 1.16)
      nokogiri (>= 1.3.3)
      rack (>= 1.0.0)
      rack-test (>= 0.5.4)
      selenium-webdriver (~> 2.0)
      xpath (~> 0.1.4)
    childprocess (0.3.6)
      ffi (~> 1.0, >= 1.0.6)
    diff-lcs (1.1.3)
    ffi (1.1.5)
    growl (1.0.3)
    guard (1.4.0)
      listen (>= 0.4.2)
      thor (>= 0.14.6)
    guard-rspec (2.1.0)
      guard (>= 1.1)
      rspec (~> 2.11)
    launchy (2.1.2)
      addressable (~> 2.3)
    libwebsocket (0.1.5)
      addressable
    listen (0.5.3)
    mime-types (1.19)
    multi_json (1.3.6)
    nokogiri (1.5.5)
    rack (1.4.1)
    rack-test (0.6.2)
      rack (>= 1.0)
    rb-fsevent (0.9.2)
    rspec (2.11.0)
      rspec-core (~> 2.11.0)
      rspec-expectations (~> 2.11.0)
      rspec-mocks (~> 2.11.0)
    rspec-core (2.11.1)
    rspec-expectations (2.11.3)
      diff-lcs (~> 1.1.3)
    rspec-mocks (2.11.3)
    rubyzip (0.9.9)
    selenium-webdriver (2.25.0)
      childprocess (>= 0.2.5)
      libwebsocket (~> 0.1.3)
      multi_json (~> 1.0)
      rubyzip
    thor (0.16.0)
    xpath (0.1.4)
      nokogiri (~> 1.3)

PLATFORMS
  ruby

DEPENDENCIES
  capybara
  growl
  guard-rspec
  launchy
  rb-fsevent
  rspec
